GEM
  remote: http://rubygems.org/
  specs:
    builder (3.2.2)
    diff-lcs (1.2.5)
    domain_name (0.5.14)
      unf (>= 0.0.5, < 1.0.0)
    facter (1.7.3)
    hiera (1.2.1)
      json_pure
    highline (1.6.20)
    http-cookie (1.0.2)
      domain_name (~> 0.5)
    json (1.8.1)
    json_pure (1.8.1)
    kwalify (0.7.2)
    librarian (0.1.1)
      highline
      thor (~> 0.15)
    librarian-puppet-maestrodev (0.9.10.1)
      json
      librarian (>= 0.1.1)
    logger (1.2.8)
    mechanize (2.7.2)
      domain_name (~> 0.5, >= 0.5.1)
      http-cookie (~> 1.0.0)
      mime-types (~> 1.17, >= 1.17.2)
      net-http-digest_auth (~> 1.1, >= 1.1.1)
      net-http-persistent (~> 2.5, >= 2.5.2)
      nokogiri (~> 1.4)
      ntlm-http (~> 0.1, >= 0.1.1)
      webrobots (>= 0.0.9, < 0.2)
    mechanize-progressbar (0.2.0)
      mechanize (>= 1.0.0)
      progressbar (>= 0.9.0)
    metaclass (0.0.1)
    mime-types (1.25)
    mocha (0.14.0)
      metaclass (~> 0.0.1)
    net-http-digest_auth (1.4)
    net-http-persistent (2.9)
    net-scp (1.1.2)
      net-ssh (>= 2.6.5)
    net-ssh (2.7.0)
    nokogiri (1.5.10)
    ntlm-http (0.1.1)
    progressbar (0.21.0)
    puppet (3.3.2)
      facter (~> 1.6)
      hiera (~> 1.0)
      rgen (~> 0.6.5)
    puppet-blacksmith (2.0.2)
      nokogiri
      puppet (>= 2.7.16)
      rest-client
    puppet-lint (0.3.2)
    puppet-syntax (1.1.0)
      puppet (>= 2.7.0)
      rake
    puppetlabs_spec_helper (0.4.1)
      mocha (>= 0.10.5)
      rake
      rspec (>= 2.9.0)
      rspec-puppet (>= 0.1.1)
    rake (10.1.0)
    rbvmomi (1.6.0)
      builder
      nokogiri (>= 1.4.1)
      trollop
    rest-client (1.6.7)
      mime-types (>= 1.16)
    rgen (0.6.6)
    rspec (2.14.1)
      rspec-core (~> 2.14.0)
      rspec-expectations (~> 2.14.0)
      rspec-mocks (~> 2.14.0)
    rspec-core (2.14.7)
    rspec-expectations (2.14.4)
      diff-lcs (>= 1.1.3, < 2.0)
    rspec-mocks (2.14.4)
    rspec-puppet (0.1.6)
      rspec
    rspec-system (2.7.1)
      kwalify (~> 0.7.2)
      net-scp (~> 1.1)
      net-ssh (~> 2.7)
      nokogiri (~> 1.5.10)
      rbvmomi (~> 1.6)
      rspec (~> 2.14)
      systemu (~> 2.5)
    rspec-system-puppet (2.2.1)
      rspec-system (~> 2.0)
    rspec-system-serverspec (1.0.1)
      rspec-system (~> 2.0)
      serverspec (~> 0.0)
    serverspec (0.11.1)
      highline
      net-ssh
      rspec (>= 2.13.0)
    systemu (2.5.2)
    thor (0.18.1)
    trollop (2.0)
    unf (0.1.3)
      unf_ext
    unf_ext (0.0.6)
    vagrant-wrapper (1.2.1.1)
    webrobots (0.1.1)

PLATFORMS
  ruby

DEPENDENCIES
  librarian-puppet-maestrodev
  logger
  mechanize
  mechanize-progressbar
  puppet (>= 3.0.1)
  puppet-blacksmith
  puppet-lint (>= 0.1.12)
  puppet-syntax
  puppetlabs_spec_helper
  rake (>= 0.9.2.2)
  rspec-puppet (>= 0.1.3)
  rspec-system-puppet
  rspec-system-serverspec
  serverspec
  vagrant-wrapper
